GEM
  remote: https://rubygems.org/
  specs:
    albino (1.3.3)
      posix-spawn (>= 0.3.6)
    coffee-script (2.4.1)
      coffee-script-source
      execjs
    coffee-script-source (1.9.1.1)
    diff-lcs (1.2.5)
    directory_watcher (1.4.1)
    execjs (2.5.2)
    haml (4.0.6)
      tilt
    mini_portile (0.6.2)
    mustache (1.0.1)
    nokogiri (1.6.6.2)
      mini_portile (~> 0.6.0)
    posix-spawn (0.3.11)
    pygments.rb (0.6.3)
      posix-spawn (~> 0.3.6)
      yajl-ruby (~> 1.2.0)
    rake (10.4.2)
    redcarpet (3.3.1)
    rocco (0.8.2)
      mustache
      redcarpet
    rspec (3.3.0)
      rspec-core (~> 3.3.0)
      rspec-expectations (~> 3.3.0)
      rspec-mocks (~> 3.3.0)
    rspec-core (3.3.0)
      rspec-support (~> 3.3.0)
    rspec-expectations (3.3.0)
      diff-lcs (>= 1.2.0, < 2.0)
      rspec-support (~> 3.3.0)
    rspec-mocks (3.3.0)
      diff-lcs (>= 1.2.0, < 2.0)
      rspec-support (~> 3.3.0)
    rspec-support (3.3.0)
    sass (3.4.14)
    slop (3.3.2)
    stasis (0.2.0)
      directory_watcher (= 1.4.1)
      slop (= 3.3.2)
      tilt (= 1.3.3)
    tilt (1.3.3)
    yajl-ruby (1.2.1)

PLATFORMS
  ruby

DEPENDENCIES
  albino
  coffee-script
  directory_watcher
  haml
  nokogiri
  pygments.rb
  rake
  redcarpet
  rocco
  rspec
  sass
  slop
  stasis
  tilt

BUNDLED WITH
   1.10.3
