GEM
  remote: https://rubygems.org/
  specs:
    redcarpet (3.3.1)
    sass (3.4.14)

PLATFORMS
  ruby

DEPENDENCIES
  redcarpet
  sass
