GEM
  remote: https://rubygems.org/
  specs:
    rb-fsevent (0.9.5)
    redcarpet (3.3.1)
    sass (3.4.14)

PLATFORMS
  ruby

DEPENDENCIES
  rb-fsevent
  redcarpet
  sass
