GEM
  remote: https://rubygems.org/
  specs:
    albino (1.3.3)
      posix-spawn (>= 0.3.6)
    directory_watcher (1.4.1)
    mini_portile (0.6.2)
    nokogiri (1.6.6.2)
      mini_portile (~> 0.6.0)
    posix-spawn (0.3.11)
    redcarpet (3.3.1)
    sass (3.4.14)
    slop (3.3.2)
    stasis (0.2.0)
      directory_watcher (= 1.4.1)
      slop (= 3.3.2)
      tilt (= 1.3.3)
    tilt (1.3.3)

PLATFORMS
  ruby

DEPENDENCIES
  albino
  nokogiri
  redcarpet
  sass
  slop
  stasis
